PATH
  remote: .
  specs:
    notifier (0.1.4)

GEM
  remote: http://rubygems.org/
  specs:
    metaclass (0.0.1)
    mocha (0.11.4)
      metaclass (~> 0.0.1)
    rake (0.9.2.2)
    test-unit (2.4.8)

PLATFORMS
  ruby

DEPENDENCIES
  mocha
  notifier!
  rake
  test-unit
